GEM
  remote: https://rubygems.org/
  specs:
    activesupport (5.2.2)
      concurrent-ruby (~> 1.0, >= 1.0.2)
      i18n (>= 0.7, < 2)
      minitest (~> 5.1)
      tzinfo (~> 1.1)
    bankscrap (2.1.1)
      activesupport
      json
      mechanize
      money
      thor
      unicode-display_width
    bankscrap-bbva (2.0.3)
      bankscrap (>= 2.0.0)
    bankscrap-ing (2.0.4)
      bankscrap (>= 2.0.0)
      levenshtein-ffi (~> 1.1)
    concurrent-ruby (1.1.4)
    connection_pool (2.2.2)
    domain_name (0.5.20180417)
      unf (>= 0.0.5, < 1.0.0)
    ffi (1.10.0)
    http-cookie (1.0.3)
      domain_name (~> 0.5)
    i18n (1.5.1)
      concurrent-ruby (~> 1.0)
    json (2.1.0)
    levenshtein-ffi (1.1.0)
      ffi (~> 1.9)
    mailgun-ruby (1.1.11)
      rest-client (~> 2.0.2)
    mechanize (2.7.6)
      domain_name (~> 0.5, >= 0.5.1)
      http-cookie (~> 1.0)
      mime-types (>= 1.17.2)
      net-http-digest_auth (~> 1.1, >= 1.1.1)
      net-http-persistent (>= 2.5.2)
      nokogiri (~> 1.6)
      ntlm-http (~> 0.1, >= 0.1.1)
      webrobots (>= 0.0.9, < 0.2)
    mime-types (3.2.2)
      mime-types-data (~> 3.2015)
    mime-types-data (3.2018.0812)
    mini_portile2 (2.4.0)
    minitest (5.11.3)
    money (6.13.2)
      i18n (>= 0.6.4, <= 2)
    net-http-digest_auth (1.4.1)
    net-http-persistent (3.0.0)
      connection_pool (~> 2.2)
    netrc (0.11.0)
    nokogiri (1.10.0)
      mini_portile2 (~> 2.4.0)
    ntlm-http (0.1.1)
    rest-client (2.0.2)
      http-cookie (>= 1.0.2, < 2.0)
      mime-types (>= 1.16, < 4.0)
      netrc (~> 0.8)
    thor (0.20.3)
    thread_safe (0.3.6)
    tzinfo (1.2.5)
      thread_safe (~> 0.1)
    unf (0.1.4)
      unf_ext
    unf_ext (0.0.7.5)
    unicode-display_width (1.4.1)
    webrobots (0.1.2)

PLATFORMS
  ruby

DEPENDENCIES
  bankscrap-bbva (~> 2.0.1)
  bankscrap-ing (~> 2.0.3)
  mailgun-ruby (~> 1.1.4)

RUBY VERSION
   ruby 2.6.0p0

BUNDLED WITH
   1.17.2
